GEM
  remote: http://rubygems.org/
  specs:
    foreman (0.25.0)
      term-ansicolor (~> 1.0.5)
      thor (>= 0.13.6)
    robut (0.3.0)
      xmpp4r (~> 0.5.0)
    term-ansicolor (1.0.7)
    thor (0.14.6)
    whois (2.1.0)
    xmpp4r (0.5)

PLATFORMS
  ruby

DEPENDENCIES
  foreman
  robut (~> 0.3.0)
  whois (~> 2.1.0)
